PATH
  remote: .
  specs:
    rspec-watchdog (0.1.0)
      rspec (~> 3)
      rspec-rebound (~> 0.2.1)

GEM
  remote: https://rubygems.org/
  specs:
    diff-lcs (1.6.1)
    rake (13.2.1)
    rspec (3.13.0)
      rspec-core (~> 3.13.0)
      rspec-expectations (~> 3.13.0)
      rspec-mocks (~> 3.13.0)
    rspec-core (3.13.3)
      rspec-support (~> 3.13.0)
    rspec-expectations (3.13.3)
      diff-lcs (>= 1.2.0, < 2.0)
      rspec-support (~> 3.13.0)
    rspec-mocks (3.13.2)
      diff-lcs (>= 1.2.0, < 2.0)
      rspec-support (~> 3.13.0)
    rspec-rebound (0.2.1)
      rspec-core (~> 3.3)
    rspec-support (3.13.2)

PLATFORMS
  arm64-darwin-21
  ruby

DEPENDENCIES
  rake (~> 13.0)
  rspec-watchdog!

BUNDLED WITH
   2.5.22
